PATH
  remote: .
  specs:
    canoser (0.1.0)

GEM
  remote: https://rubygems.org/
  specs:
    byebug (11.0.0)
    minitest (5.11.3)
    rake (10.5.0)

PLATFORMS
  ruby

DEPENDENCIES
  bundler (~> 2.0)
  byebug (~> 11.0)
  canoser!
  minitest (~> 5.0)
  rake (~> 10.0)

BUNDLED WITH
   2.0.1
