PATH
  remote: .
  specs:
    canoser (0.1.3)

GEM
  remote: https://rubygems.org/
  specs:
    byebug (11.0.0)
    minitest (5.11.3)
    rake (13.0.1)

PLATFORMS
  ruby

DEPENDENCIES
  bundler (~> 2.0)
  byebug (~> 11.0)
  canoser!
  minitest (~> 5.0)
  rake (~> 13.0)

BUNDLED WITH
   2.0.2
